GEM
  remote: https://rubygems.org/
  specs:
    mustache (0.99.6)
    rake (10.3.2)

PLATFORMS
  ruby

DEPENDENCIES
  mustache
  rake
